GEM
  remote: https://rubygems.org/
  specs:
    diff-lcs (1.2.5)
    facter (1.6.18)
    hiera (1.2.0)
      json_pure
    highline (1.6.21)
    json (1.8.1)
    json_pure (1.7.7)
    librarian (0.1.2)
      highline
      thor (~> 0.15)
    librarian-puppet (1.0.0)
      json
      librarian (>= 0.1.2)
    net-ssh (2.8.0)
    puppet (3.1.1)
      facter (~> 1.6)
      hiera (~> 1.0)
    rake (10.2.2)
    rspec (2.14.1)
      rspec-core (~> 2.14.0)
      rspec-expectations (~> 2.14.0)
      rspec-mocks (~> 2.14.0)
    rspec-core (2.14.8)
    rspec-expectations (2.14.5)
      diff-lcs (>= 1.1.3, < 2.0)
    rspec-mocks (2.14.6)
    rspec-puppet (1.0.1)
    rspec-todo (0.0.3)
      rspec
    serverspec (1.1.0)
      highline
      net-ssh
      rspec (~> 2.13)
      specinfra (>= 1.0.0)
    specinfra (1.0.3)
    thor (0.19.1)

PLATFORMS
  ruby

DEPENDENCIES
  librarian-puppet (~> 1.0)
  puppet
  rake
  rspec
  rspec-puppet (~> 1.0)
  rspec-todo (>= 0.0.3)
  serverspec (~> 1.1)
